GEM
  remote: https://rubygems.org/
  specs:
    awesome_print (1.1.0)
    diff-lcs (1.1.3)
    libv8 (3.11.8.13)
    nokogiri (1.5.6)
    ref (1.0.2)
    rkelly (1.0.7)
    rspec (2.12.0)
      rspec-core (~> 2.12.0)
      rspec-expectations (~> 2.12.0)
      rspec-mocks (~> 2.12.0)
    rspec-core (2.12.2)
    rspec-expectations (2.12.1)
      diff-lcs (~> 1.1.3)
    rspec-mocks (2.12.2)
    therubyracer (0.11.4)
      libv8 (~> 3.11.8.12)
      ref
    thor (0.17.0)

PLATFORMS
  ruby

DEPENDENCIES
  awesome_print
  nokogiri
  rkelly
  rspec
  therubyracer
  thor
